GEM
  remote: https://rubygems.org/
  specs:
    csv (3.2.5)
    rack (2.2.4)
    rack-protection (1.5.1)
      rack
    sinatra (2.2.0)
      rack (~> 2.2)
      rack-protection (~> 1.4)
      tilt (~> 1.3, >= 1.3.4)
    tilt (1.4.1)

PLATFORMS
  ruby
  x64-mingw32

DEPENDENCIES
  csv
  sinatra

BUNDLED WITH
   2.3.7
